PATH
  remote: .
  specs:
    dryad (1.1.0)
      dryad-cluster (= 1.1.0)
      dryad-consul (= 1.1.0)
      dryad-core (= 1.1.0)
    dryad-cluster (1.1.0)
      concurrent-ruby (~> 1.1, >= 1.1.5)
      dryad-consul (= 1.1.0)
      dryad-core (= 1.1.0)
    dryad-consul (1.1.0)
      concurrent-ruby (~> 1.1, >= 1.1.5)
      diplomat (~> 2.2, >= 2.2.4)
      dryad-core (= 1.1.0)
    dryad-core (1.1.0)

GEM
  remote: https://rubygems.org/
  specs:
    activesupport (8.0.0)
      base64
      benchmark (>= 0.3)
      bigdecimal
      concurrent-ruby (~> 1.0, >= 1.3.1)
      connection_pool (>= 2.2.5)
      drb
      i18n (>= 1.6, < 2)
      logger (>= 1.4.2)
      minitest (>= 5.1)
      securerandom (>= 0.3)
      tzinfo (~> 2.0, >= 2.0.5)
      uri (>= 0.13.1)
    addressable (2.8.0)
      public_suffix (>= 2.0.2, < 5.0)
    base64 (0.3.0)
    benchmark (0.5.0)
    bigdecimal (3.3.1)
    concurrent-ruby (1.3.5)
    connection_pool (2.5.4)
    crack (0.4.3)
      safe_yaml (~> 1.0.0)
    deep_merge (1.2.1)
    diff-lcs (1.3)
    diplomat (2.2.5)
      deep_merge (~> 1.0, >= 1.0.1)
      faraday (~> 0.9)
    drb (2.2.3)
    factory_bot (5.0.2)
      activesupport (>= 4.2.0)
    faraday (0.15.4)
      multipart-post (>= 1.2, < 3)
    hashdiff (1.0.0)
    i18n (1.14.7)
      concurrent-ruby (~> 1.0)
    logger (1.7.0)
    minitest (5.26.0)
    multipart-post (2.1.1)
    public_suffix (4.0.6)
    rake (13.0.6)
    rspec (3.8.0)
      rspec-core (~> 3.8.0)
      rspec-expectations (~> 3.8.0)
      rspec-mocks (~> 3.8.0)
    rspec-core (3.8.0)
      rspec-support (~> 3.8.0)
    rspec-expectations (3.8.3)
      diff-lcs (>= 1.2.0, < 2.0)
      rspec-support (~> 3.8.0)
    rspec-mocks (3.8.0)
      diff-lcs (>= 1.2.0, < 2.0)
      rspec-support (~> 3.8.0)
    rspec-support (3.8.0)
    safe_yaml (1.0.5)
    securerandom (0.4.1)
    tzinfo (2.0.6)
      concurrent-ruby (~> 1.0)
    uri (1.0.4)
    webmock (3.6.2)
      addressable (>= 2.3.6)
      crack (>= 0.3.2)
      hashdiff (>= 0.4.0, < 2.0.0)

PLATFORMS
  ruby

DEPENDENCIES
  bundler (~> 2.0)
  dryad!
  factory_bot (~> 5.0)
  rake (~> 13.0)
  rspec (~> 3.0)
  webmock (~> 3.6)

BUNDLED WITH
   2.0.1
